GEM
  remote: https://rubygems.org/
  specs:
    metaclass (0.0.4)
    mini_portile2 (2.3.0)
    mocha (1.7.0)
      metaclass (~> 0.0.1)
    modularity (2.0.1)
    nokogiri (1.8.4)
      mini_portile2 (~> 2.3.0)
    power_assert (1.1.3)
    test-unit (3.2.8)
      power_assert

PLATFORMS
  ruby

DEPENDENCIES
  mocha
  modularity (>= 2)
  nokogiri
  test-unit (~> 3.1)

BUNDLED WITH
   1.16.4
